GEM
  remote: https://rubygems.org/
  specs:
    bcp47_spec (0.2.1)
    bigdecimal (3.1.8)
    builder (3.3.0)
    connection_pool (2.4.1)
    ebnf (2.4.0)
      htmlentities (~> 4.3)
      rdf (~> 3.3)
      scanf (~> 1.0)
      sxp (~> 1.3)
      unicode-types (~> 1.8)
    htmlentities (4.3.4)
    json-canonicalization (1.0.0)
    json-ld (3.3.2)
      htmlentities (~> 4.3)
      json-canonicalization (~> 1.0)
      link_header (~> 0.0, >= 0.0.8)
      multi_json (~> 1.15)
      rack (>= 2.2, < 4)
      rdf (~> 3.3)
      rexml (~> 3.2)
    link_header (0.0.8)
    logger (1.6.0)
    matrix (0.4.2)
    minitest (5.25.1)
    multi_json (1.15.0)
    net-http-persistent (4.0.2)
      connection_pool (~> 2.2)
    rack (3.1.7)
    rake (13.2.1)
    rdf (3.3.2)
      bcp47_spec (~> 0.2)
      bigdecimal (~> 3.1, >= 3.1.5)
      link_header (~> 0.0, >= 0.0.8)
    rdf-aggregate-repo (3.3.0)
      rdf (~> 3.3)
    rdf-turtle (3.3.0)
      ebnf (~> 2.4)
      rdf (~> 3.3)
    rdf-xsd (3.3.0)
      rdf (~> 3.3)
      rexml (~> 3.2)
    rexml (3.3.6)
      strscan
    scanf (1.0.0)
    shacl (0.4.1)
      json-ld (~> 3.3)
      rdf (~> 3.3)
      sparql (~> 3.3)
      sxp (~> 1.2)
    sparql (3.3.0)
      builder (~> 3.2, >= 3.2.4)
      ebnf (~> 2.4)
      logger (~> 1.5)
      rdf (~> 3.3)
      rdf-aggregate-repo (~> 3.3)
      rdf-xsd (~> 3.3)
      sparql-client (~> 3.3)
      sxp (~> 1.3)
    sparql-client (3.3.0)
      net-http-persistent (~> 4.0, >= 4.0.2)
      rdf (~> 3.3)
    strscan (3.1.0)
    sxp (1.3.0)
      matrix (~> 0.4)
      rdf (~> 3.3)
    unicode-types (1.9.0)

PLATFORMS
  ruby
  x86_64-darwin-23

DEPENDENCIES
  minitest
  rake
  rdf
  rdf-turtle
  shacl

BUNDLED WITH
   2.5.3
